GEM
  remote: https://rubygems.org/
  specs:
    daemons (1.1.9)
    eventmachine (1.0.3)
    execjs (2.2.0)
    haml (4.0.5)
      tilt
    jsmin (1.0.1)
    json (1.8.1)
    rack (1.5.2)
    rack-protection (1.5.3)
      rack
    rack-test (0.6.2)
      rack (>= 1.0)
    sass (3.3.8)
    sinatra (1.4.5)
      rack (~> 1.4)
      rack-protection (~> 1.4)
      tilt (~> 1.3, >= 1.3.4)
    sinatra-assetpack (0.3.3)
      jsmin
      rack-test
      sinatra
      tilt (>= 1.3.0, < 2.0)
    thin (1.6.2)
      daemons (>= 1.0.9)
      eventmachine (>= 1.0.0)
      rack (>= 1.0.0)
    tilt (1.4.1)
    uglifier (2.5.0)
      execjs (>= 0.3.0)
      json (>= 1.8.0)

PLATFORMS
  ruby

DEPENDENCIES
  haml
  sass
  sinatra
  sinatra-assetpack
  thin
  uglifier
