GEM
  remote: https://rubygems.org/
  specs:
    adsf (1.2.0)
      rack (>= 1.0.0)
    colored (1.2)
    cri (2.7.0)
      colored (~> 1.2)
    haml (4.0.6)
      tilt
    nanoc (3.8.0)
      cri (~> 2.3)
    rack (1.6.1)
    sass (3.4.13)
    tilt (1.4.1)

PLATFORMS
  ruby

DEPENDENCIES
  adsf
  haml
  nanoc
  sass
