GEM
  remote: https://rubygems.org/
  specs:
    adsf (1.2.0)
      rack (>= 1.0.0)
    colored (1.2)
    cri (2.7.0)
      colored (~> 1.2)
    execjs (2.5.2)
    haml (4.0.6)
      tilt
    json (2.2.0)
    nanoc (3.8.0)
      cri (~> 2.3)
    rack (2.0.7)
    sass (3.4.13)
    tilt (1.4.1)
    uglifier (2.7.1)
      execjs (>= 0.3.0)
      json (>= 1.8.0)

PLATFORMS
  ruby

DEPENDENCIES
  adsf
  haml
  nanoc
  sass
  uglifier

BUNDLED WITH
   1.16.1
